PATH
  remote: .
  specs:
    rollout (2.0.0f)
      ipaddress
      redis

GEM
  remote: http://rubygems.org/
  specs:
    bourne (1.0)
      mocha (= 0.9.8)
    coderay (1.0.8)
    diff-lcs (1.1.3)
    git (1.2.5)
    guard (1.6.1)
      listen (>= 0.6.0)
      lumberjack (>= 1.0.2)
      pry (>= 0.9.10)
      thor (>= 0.14.6)
    guard-rspec (1.2.1)
      guard (>= 1.1)
    ipaddress (0.8.0)
    jeweler (1.6.4)
      bundler (~> 1.0)
      git (>= 1.2.5)
      rake
    listen (0.7.2)
    lumberjack (1.0.2)
    method_source (0.8.1)
    mocha (0.9.8)
      rake
    pry (0.9.11.4)
      coderay (~> 1.0.5)
      method_source (~> 0.8)
      slop (~> 3.4)
    rake (0.9.2.2)
    redis (3.0.2)
    rspec (2.10.0)
      rspec-core (~> 2.10.0)
      rspec-expectations (~> 2.10.0)
      rspec-mocks (~> 2.10.0)
    rspec-core (2.10.1)
    rspec-expectations (2.10.0)
      diff-lcs (~> 1.1.3)
    rspec-mocks (2.10.1)
    slop (3.4.3)
    thor (0.17.0)

PLATFORMS
  ruby

DEPENDENCIES
  bourne (= 1.0)
  bundler (>= 1.0.0)
  guard-rspec
  jeweler (~> 1.6.4)
  mocha (= 0.9.8)
  rollout!
  rspec (~> 2.10.0)
